GEM
  remote: https://rubygems.org/
  specs:
    autoprefixer-rails (8.1.0.1)
      execjs
    bootstrap-sass (3.3.7)
      autoprefixer-rails (>= 5.2.1)
      sass (>= 3.3.4)
    commonjs (0.2.7)
    execjs (2.7.0)
    ffi (1.9.23)
    less (2.6.0)
      commonjs (~> 0.2.7)
    pg (1.0.0)
    rack (1.6.5)
    rack-protection (1.5.3)
      rack
    rb-fsevent (0.10.3)
    rb-inotify (0.9.10)
      ffi (>= 0.5.0, < 2)
    sass (3.5.5)
      sass-listen (~> 4.0.0)
    sass-listen (4.0.0)
      rb-fsevent (~> 0.9, >= 0.9.4)
      rb-inotify (~> 0.9, >= 0.9.7)
    sinatra (1.4.8)
      rack (~> 1.5)
      rack-protection (~> 1.4)
      tilt (>= 1.3, < 3)
    tilt (2.0.6)

PLATFORMS
  ruby

DEPENDENCIES
  bootstrap-sass
  less
  pg
  rack
  sinatra

BUNDLED WITH
   1.16.1
